GIT
  remote: https://github.com/mislav/will_paginate.git
  revision: 8aa3a87022e4c17cb6ebf2ec0c9467bcdfd76b18
  specs:
    will_paginate (3.3.1)

GIT
  remote: https://github.com/stephenreid321/activate-admin.git
  revision: e8c29c9aad558a5a0e7cb5e168e47ab41a04048a
  specs:
    activate-admin (0.0.13)
      activate-tools
      erubi
      padrino
      will_paginate

GIT
  remote: https://github.com/stephenreid321/activate-tools.git
  revision: c94aaca8b38db33a24eb0d234b128b9985be902b
  specs:
    activate-tools (0.0.18)
      padrino

GEM
  remote: https://rubygems.org/
  specs:
    activemodel (7.0.4.2)
      activesupport (= 7.0.4.2)
    activesupport (7.0.4.2)
      concurrent-ruby (~> 1.0, >= 1.0.2)
      i18n (>= 1.6, < 2)
      minitest (>= 5.1)
      tzinfo (~> 2.0)
    addressable (2.8.1)
      public_suffix (>= 2.0.2, < 6.0)
    airbrake (13.0.3)
      airbrake-ruby (~> 6.0)
    airbrake-ruby (6.2.0)
      rbtree3 (~> 0.5)
    ast (2.4.2)
    bcrypt (3.1.18)
    bson (4.15.0)
    concurrent-ruby (1.2.2)
    connection_pool (2.3.0)
    date (3.3.3)
    delayed_job (4.1.11)
      activesupport (>= 3.0, < 8.0)
    delayed_job_mongoid (3.0.0)
      delayed_job (>= 3.0, < 5)
      mongoid (>= 5.0)
    discordrb (3.4.0)
      discordrb-webhooks (~> 3.3.0)
      ffi (>= 1.9.24)
      opus-ruby
      rest-client (>= 2.0.0)
      websocket-client-simple (>= 0.3.0)
    discordrb-webhooks (3.3.0)
      rest-client (>= 2.1.0.rc1)
    domain_name (0.5.20190701)
      unf (>= 0.0.5, < 1.0.0)
    erubi (1.12.0)
    event_emitter (0.2.6)
    faraday (2.7.4)
      faraday-net_http (>= 2.0, < 3.1)
      ruby2_keywords (>= 0.0.4)
    faraday-net_http (3.0.2)
    ffi (1.15.5)
    htmlbeautifier (1.4.2)
    http-accept (1.7.0)
    http-cookie (1.0.5)
      domain_name (~> 0.5)
    i18n (1.12.0)
      concurrent-ruby (~> 1.0)
    io-console (0.6.0)
    irb (1.6.2)
      reline (>= 0.3.0)
    json (2.6.3)
    mail (2.8.1)
      mini_mime (>= 0.1.1)
      net-imap
      net-pop
      net-smtp
    mechanize (2.8.5)
      addressable (~> 2.8)
      domain_name (~> 0.5, >= 0.5.20190701)
      http-cookie (~> 1.0, >= 1.0.3)
      mime-types (~> 3.0)
      net-http-digest_auth (~> 1.4, >= 1.4.1)
      net-http-persistent (>= 2.5.2, < 5.0.dev)
      nokogiri (~> 1.11, >= 1.11.2)
      rubyntlm (~> 0.6, >= 0.6.3)
      webrick (~> 1.7)
      webrobots (~> 0.1.2)
    mime-types (3.4.1)
      mime-types-data (~> 3.2015)
    mime-types-data (3.2023.0218.1)
    mini_mime (1.1.2)
    mini_portile2 (2.8.1)
    minitest (5.17.0)
    moneta (1.1.1)
    mongo (2.18.2)
      bson (>= 4.14.1, < 5.0.0)
    mongoid (7.5.2)
      activemodel (>= 5.1, < 7.1, != 7.0.0)
      mongo (>= 2.10.5, < 3.0.0)
      ruby2_keywords (~> 0.0.5)
    mustermann (3.0.0)
      ruby2_keywords (~> 0.0.1)
    net-http-digest_auth (1.4.1)
    net-http-persistent (4.0.1)
      connection_pool (~> 2.2)
    net-imap (0.3.4)
      date
      net-protocol
    net-pop (0.1.2)
      net-protocol
    net-protocol (0.2.1)
      timeout
    net-smtp (0.3.3)
      net-protocol
    netrc (0.11.0)
    nio4r (2.5.8)
    nokogiri (1.14.2)
      mini_portile2 (~> 2.8.0)
      racc (~> 1.4)
    opus-ruby (1.0.1)
      ffi
    padrino (0.15.3)
      padrino-admin (= 0.15.3)
      padrino-cache (= 0.15.3)
      padrino-core (= 0.15.3)
      padrino-gen (= 0.15.3)
      padrino-helpers (= 0.15.3)
      padrino-mailer (= 0.15.3)
      padrino-support (= 0.15.3)
    padrino-admin (0.15.3)
      padrino-core (= 0.15.3)
      padrino-helpers (= 0.15.3)
    padrino-cache (0.15.3)
      moneta (~> 1.1.0)
      padrino-core (= 0.15.3)
      padrino-helpers (= 0.15.3)
    padrino-core (0.15.3)
      padrino-support (= 0.15.3)
      sinatra (>= 2.2.4)
      thor (~> 1.0)
    padrino-gen (0.15.3)
      bundler (>= 1.0, < 3)
      padrino-core (= 0.15.3)
    padrino-helpers (0.15.3)
      i18n (>= 0.6.7, < 2)
      padrino-support (= 0.15.3)
      tilt (>= 1.4.1, < 3)
    padrino-mailer (0.15.3)
      mail (~> 2.5)
      mime-types (< 4)
      padrino-core (= 0.15.3)
    padrino-support (0.15.3)
    parallel (1.22.1)
    parser (3.2.1.0)
      ast (~> 2.4.1)
    public_suffix (5.0.1)
    puma (6.1.0)
      nio4r (~> 2.0)
    racc (1.6.2)
    rack (2.2.6.2)
    rack-cors (2.0.0)
      rack (>= 2.0.0)
    rack-protection (3.0.5)
      rack
    rainbow (3.1.1)
    rake (13.0.6)
    rbtree3 (0.7.0)
    regexp_parser (2.7.0)
    reline (0.3.2)
      io-console (~> 0.5)
    rest-client (2.1.0)
      http-accept (>= 1.7.0, < 2.0)
      http-cookie (>= 1.0.2, < 2.0)
      mime-types (>= 1.16, < 4.0)
      netrc (~> 0.8)
    rexml (3.2.5)
    rubocop (1.46.0)
      json (~> 2.3)
      parallel (~> 1.10)
      parser (>= 3.2.0.0)
      rainbow (>= 2.2.2, < 4.0)
      regexp_parser (>= 1.8, < 3.0)
      rexml (>= 3.2.5, < 4.0)
      rubocop-ast (>= 1.26.0, < 2.0)
      ruby-progressbar (~> 1.7)
      unicode-display_width (>= 2.4.0, < 3.0)
    rubocop-ast (1.26.0)
      parser (>= 3.2.1.0)
    ruby-progressbar (1.11.0)
    ruby2_keywords (0.0.5)
    rubyntlm (0.6.3)
    sinatra (3.0.5)
      mustermann (~> 3.0)
      rack (~> 2.2, >= 2.2.4)
      rack-protection (= 3.0.5)
      tilt (~> 2.0)
    thor (1.2.1)
    tilt (2.1.0)
    timeout (0.3.2)
    tzinfo (2.0.6)
      concurrent-ruby (~> 1.0)
    unf (0.1.4)
      unf_ext
    unf_ext (0.0.8.2)
    unicode-display_width (2.4.2)
    webrick (1.8.1)
    webrobots (0.1.2)
    websocket (1.2.9)
    websocket-client-simple (0.6.0)
      event_emitter
      websocket

PLATFORMS
  ruby

DEPENDENCIES
  activate-admin!
  activate-tools!
  airbrake
  bcrypt
  delayed_job_mongoid
  discordrb
  faraday
  htmlbeautifier
  irb
  mechanize
  mongoid (~> 7.0)
  padrino
  puma
  rack-cors
  rake
  rubocop
  sinatra
  will_paginate!

RUBY VERSION
   ruby 2.7.7p221

BUNDLED WITH
   2.4.6
